GEM
  remote: http://rubygems.org/
  specs:
    daemons (1.1.9)
    eventmachine (1.0.3)
    eventmachine (1.0.3-java)

PLATFORMS
  java

DEPENDENCIES
  daemons
  eventmachine
